PATH
  remote: .
  specs:
    iStats (0.0.1)
      sparkr

GEM
  remote: https://rubygems.org/
  specs:
    rake (10.2.2)
    rake-compiler (0.9.2)
      rake
    sparkr (0.4.1)

PLATFORMS
  ruby

DEPENDENCIES
  bundler (~> 1.3)
  iStats!
  rake
  rake-compiler
