PATH
  remote: .
  specs:
    iStats (0.0.9)
      sparkr (~> 0.4)

GEM
  remote: https://rubygems.org/
  specs:
    rake (10.3.1)
    rake-compiler (0.9.2)
      rake
    sparkr (0.4.1)

PLATFORMS
  ruby

DEPENDENCIES
  bundler (~> 1.3)
  iStats!
  rake
  rake-compiler
